GEM
  remote: http://rubygems.org/
  specs:
    bourbon (4.0.2)
      sass (~> 3.3)
      thor
    capistrano (2.15.5)
      highline
      net-scp (>= 1.0.0)
      net-sftp (>= 2.0.0)
      net-ssh (>= 2.0.14)
      net-ssh-gateway (>= 1.1.0)
    capistrano-ash (1.4.1)
      capistrano (~> 2.15.5)
      capistrano-ext (~> 1.2)
      capistrano_colors (~> 0.5)
      net-ssh (= 2.7.0)
      railsless-deploy (~> 1.1)
    capistrano-ext (1.2.1)
      capistrano (>= 1.0.0)
    capistrano_colors (0.5.5)
    highline (1.6.21)
    neat (1.6.0)
      bourbon (>= 3.1)
      sass (>= 3.3)
    net-scp (1.2.1)
      net-ssh (>= 2.6.5)
    net-sftp (2.1.2)
      net-ssh (>= 2.6.5)
    net-ssh (2.7.0)
    net-ssh-gateway (1.2.0)
      net-ssh (>= 2.6.5)
    railsless-deploy (1.1.3)
    sass (3.4.5)
    thor (0.18.1)

PLATFORMS
  ruby

DEPENDENCIES
  bourbon
  capistrano-ash (~> 1.4.1)
  neat
  sass (~> 3.3)
